GEM
  remote: https://rubygems.org/
  specs:
    colorize (0.7.5)
    curses (1.0.1)

PLATFORMS
  ruby

DEPENDENCIES
  colorize
  curses
